GEM
  remote: https://rubygems.org/
  specs:
    RedCloth (4.2.9)
    activesupport (3.2.21)
      i18n (~> 0.6, >= 0.6.4)
      multi_json (~> 1.0)
    addressable (2.3.6)
    buftok (0.2.0)
    chronic (0.10.2)
    chunky_png (1.3.3)
    coffee-script (2.2.0)
      coffee-script-source
      execjs
    coffee-script-source (1.8.0)
    colorize (0.5.8)
    commonjs (0.2.7)
    compass (1.0.1)
      chunky_png (~> 1.2)
      compass-core (~> 1.0.1)
      compass-import-once (~> 1.0.5)
      rb-fsevent (>= 0.9.3)
      rb-inotify (>= 0.9)
      sass (>= 3.3.13, < 3.5)
    compass-core (1.0.1)
      multi_json (~> 1.0)
      sass (>= 3.3.0, < 3.5)
    compass-import-once (1.0.5)
      sass (>= 3.2, < 3.5)
    diff-lcs (1.2.5)
    equalizer (0.0.9)
    execjs (2.2.2)
    faraday (0.9.0)
      multipart-post (>= 1.2, < 3)
    ffi (1.11.2)
    haml (4.0.5)
      tilt
    hike (1.2.3)
    httmultiparty (0.3.10)
      httparty (>= 0.7.3)
      multipart-post
    http (0.6.3)
      http_parser.rb (~> 0.6.0)
    http_parser.rb (0.6.0)
    httparty (0.13.3)
      json (~> 1.8)
      multi_xml (>= 0.5.2)
    i18n (0.6.11)
    json (1.8.1)
    less (2.2.2)
      commonjs (~> 0.2.6)
    locomotivecms_mounter (1.5.0)
      RedCloth (~> 4.2.3)
      activesupport (~> 3.2.21)
      chronic (~> 0.10.2)
      coffee-script (~> 2.2.0)
      colorize (~> 0.5.8)
      compass (~> 1.0.1, >= 0.12)
      haml (~> 4.0.5)
      httmultiparty (= 0.3.10)
      i18n (~> 0.6.11)
      json (~> 1.8.0)
      less (~> 2.2.1)
      logger
      mime-types (~> 1.19)
      multi_json (~> 1.8.4)
      sass (~> 3.4.4)
      sprockets-sass (~> 1.2.0)
      stringex (~> 2.0.3)
      tilt (= 1.4.1)
      tzinfo (~> 0.3.29)
      yui-compressor (~> 0.12.0)
      zip (~> 2.0.2)
    logger (1.4.1)
    memoizable (0.4.2)
      thread_safe (~> 0.3, >= 0.3.1)
    mime-types (1.25.1)
    multi_json (1.8.4)
    multi_xml (0.5.5)
    multipart-post (2.0.0)
    naught (1.0.0)
    rack (1.5.2)
    rb-fsevent (0.9.4)
    rb-inotify (0.9.5)
      ffi (>= 0.5.0)
    rspec (3.1.0)
      rspec-core (~> 3.1.0)
      rspec-expectations (~> 3.1.0)
      rspec-mocks (~> 3.1.0)
    rspec-core (3.1.7)
      rspec-support (~> 3.1.0)
    rspec-expectations (3.1.2)
      diff-lcs (>= 1.2.0, < 2.0)
      rspec-support (~> 3.1.0)
    rspec-mocks (3.1.3)
      rspec-support (~> 3.1.0)
    rspec-support (3.1.2)
    sass (3.4.9)
    simple_oauth (0.3.0)
    sprockets (2.12.3)
      hike (~> 1.2)
      multi_json (~> 1.0)
      rack (~> 1.0)
      tilt (~> 1.1, != 1.3.0)
    sprockets-sass (1.2.0)
      sprockets (~> 2.0)
      tilt (~> 1.1)
    stringex (2.0.11)
    thor (0.19.1)
    thread_safe (0.3.4)
    tilt (1.4.1)
    twitter (5.13.0)
      addressable (~> 2.3)
      buftok (~> 0.2.0)
      equalizer (~> 0.0.9)
      faraday (~> 0.9.0)
      http (~> 0.6.0)
      http_parser.rb (~> 0.6.0)
      json (~> 1.8)
      memoizable (~> 0.4.0)
      naught (~> 1.0)
      simple_oauth (~> 0.3.0)
    tzinfo (0.3.42)
    yui-compressor (0.12.0)
    zip (2.0.2)

PLATFORMS
  ruby

DEPENDENCIES
  colorize (~> 0.5.8)
  locomotivecms_mounter (~> 1.5.0)
  rspec
  thor (~> 0.19.1)
  twitter (~> 5.13.0)
